GEM
  remote: https://rubygems.org/
  specs:
    addressable (2.8.5)
      public_suffix (>= 2.0.2, < 6.0)
    colorator (1.1.0)
    concurrent-ruby (1.2.2)
    em-websocket (0.5.3)
      eventmachine (>= 0.12.9)
      http_parser.rb (>= 0.6.0)
    eventmachine (1.2.7)
    ffi (1.15.5)
    forwardable-extended (2.6.0)
    http_parser.rb (0.6.0)
    i18n (1.12.0)
      concurrent-ruby (>= 1.0, < 2)
    jekyll (4.3.0)
      addressable (~> 2.4)
      colorator (~> 1.0)
      em-websocket (~> 0.5)
      i18n (~> 1.0, >= 1.3)
      jekyll-abort (>= 0.1.1, < 0.2)
      jekyll-admin (~> 0.12)
      jekyll-autoprefixer (~> 1.0)
      jekyll-coffeescript (~> 1.0)
      jekyll-docs (~> 4.0)
      jekyll-feed (~> 0.17)
      jekyll-gist (~> 1.0)
      jekyll-include-cache (~> 0.2)
      jekyll-mentions (~> 1.0)
      jekyll-paginate (~> 1.0)
      jekyll-polyglot (~> 1.0)
      jekyll-redirect-from (~> 0.16)
      jekyll-relative-links (~> 0.6)
      jekyll-remote-theme (~> 0.4)
      jekyll-sass-converter (~> 3.0)
      jekyll-seo-tag (~> 2.0)
      jekyll-sitemap (~> 1.0)
      jekyll-swiss (~> 1.0)
      jekyll-textile-converter (~> 0.1)
      jekyll-theme-architect (~> 0.2)
      jekyll-theme-cayman (~> 0.2)
      jekyll-theme-dinky (~> 0.2)
      jekyll-theme-hacker (~> 0.2)
      jekyll-theme-leap-day (~> 0.2)
      jekyll-theme-merlot (~> 0.2)
      jekyll-theme-midnight (~> 0.2)
      jekyll-theme-minimal (~> 0.2)
      jekyll-theme-modern (~> 0.2)
      jekyll-theme-primer (~> 0.2)
      jekyll-theme-slate (~> 0.2)
      jekyll-theme-tactile (~> 0.2)
      jekyll-theme-time-machine (~> 0.2)
      jekyll-titles-from-headings (~> 0.5)
      jekyll-watch (~> 2.0)
      kramdown (~> 2.1)
      kramdown-parser-gfm (~> 1.0)
      liquid (~> 4.0)
      mercenary (~> 0.4.0)
      pathutil (~> 0.9)
      rouge (~> 3.0)
      safe_yaml (~> 1.0)
      terminal-table (~> 2.0)
      webrick (~> 1.7)
    jekyll-abort (0.1.1)
    jekyll-admin (0.12.0)
      jekyll (>= 4.0, < 5.0)
      sinatra (>= 2.0, < 3.0)
      sinatra-contrib (>= 2.0, < 3.0)
    jekyll-autoprefixer (1.0.2)
      autoprefixer-ruby (~> 1.0)
      jekyll (>= 3.5, < 5.0)
    jekyll-coffeescript (1.1.1)
      coffee-script (~> 2.2)
      coffee-script-source (~> 1.11)
      jekyll (>= 3.0, < 5.0)
    jekyll-docs (4.3.0)
    jekyll-feed (0.17.0)
      jekyll (>= 3.7, < 5.0)
    jekyll-gist (1.5.0)
      gist (~> 1.0)
      jekyll (>= 3.0, < 5.0)
    jekyll-include-cache (0.2.1)
      jekyll (>= 3.7, < 5.0)
    jekyll-mentions (1.6.0)
      html-pipeline (~> 2.3)
      jekyll (>= 3.7, < 5.0)
    jekyll-paginate (1.1.0)
      jekyll (>= 3.7, < 5.0)
    jekyll-polyglot (1.5.0)
      jekyll (>= 3.0, < 5.0)
    jekyll-redirect-from (0.16.0)
      jekyll (>= 3.3, < 5.0)
    jekyll-relative-links (0.6.1)
      jekyll (>= 3.3, < 5.0)
    jekyll-remote-theme (0.4.3)
      addressable (~> 2.0)
      jekyll (>= 3.5, < 5.0)
      jekyll-theme-remote (~> 0.2)
    jekyll-sass-converter (3.0.0)
      jekyll (>= 4.0, < 5.0)
      sassc (~> 2.0)
    jekyll-seo-tag (2.8.0)
      jekyll (>= 3.3, < 5.0)
    jekyll-sitemap (1.4.0)
      jekyll (>= 3.7, < 5.0)
    jekyll-swiss (1.0.0)
    jekyll-textile-converter (0.1.0)
      jekyll (>= 3.7, < 5.0)
      redcloth (~> 4.2)
    jekyll-theme-architect (0.2.0)
      jekyll (~> 4.0)
      jekyll-seo-tag (~> 2.0)
    jekyll-theme-cayman (0.2.0)
      jekyll (~> 4.0)
      jekyll-seo-tag (~> 2.0)
    jekyll-theme-dinky (0.2.0)
      jekyll (~> 4.0)
      jekyll-seo-tag (~> 2.0)
    jekyll-theme-hacker (0.2.0)
      jekyll (~> 4.0)
      jekyll-seo-tag (~> 2.0)
    jekyll-theme-leap-day (0.2.0)
      jekyll (~> 4.0)
      jekyll-seo-tag (~> 2.0)
    jekyll-theme-merlot (0.2.0)
      jekyll (~> 4.0)
      jekyll-seo-tag (~> 2.0)
    jekyll-theme-midnight (0.2.0)
      jekyll (~> 4.0)
      jekyll-seo-tag (~> 2.0)
    jekyll-theme-minimal (0.2.0)
      jekyll (~> 4.0)
      jekyll-seo-tag (~> 2.0)
    jekyll-theme-modern (0.2.0)
      jekyll (~> 4.0)
      jekyll-seo-tag (~> 0.1)
    jekyll-theme-primer (0.2.0)
      jekyll (~> 4.0)
      jekyll-seo-tag (~> 2.0)
    jekyll-theme-remote (0.2.0)
      jekyll-remote-theme (~> 0.2)
    jekyll-theme-slate (0.2.0)
      jekyll (~> 4.0)
      jekyll-seo-tag (~> 2.0)
    jekyll-theme-tactile (0.2.0)
      jekyll (~> 4.0)
      jekyll-seo-tag (~> 2.0)
    jekyll-theme-time-machine (0.2.0)
      jekyll (~> 4.0)
      jekyll-seo-tag (~> 2.0)
    jekyll-titles-from-headings (0.5.3)
      jekyll (>= 3.3, < 5.0)
    jekyll-watch (2.2.1)
      listen (~> 3.0)
    kramdown (2.4.0)
      rexml (>= 3.0, < 4.0)
    kramdown-parser-gfm (1.1.0)
      kramdown (~> 2.1)
    liquid (4.0.4)
    mercenary (0.4.0)
    pathutil (0.16.2)
      forwardable-extended (~> 2.6)
    public_suffix (5.0.0)
    rouge (3.30.0)
    safe_yaml (1.0.5)
    sassc (2.4.0)
      ffi (~> 1.9)
    sinatra (2.2.4)
      mustermann (~> 3.0)
      rack (~> 2.2)
      rack-protection (= 2.2.4)
      tilt (~> 2.0)
    sinatra-contrib (2.2.4)
      backports (>= 3.0)
      mustermann (~> 3.0)
      rack (~> 2.2)
      rack-protection (= 2.2.4)
      sinatra (= 2.2.4)
      tilt (~> 2.0)
    terminal-table (2.0.0)
      unicode-display_width (>= 1.1.3, < 3)
    tzinfo (2.0.6)
      concurrent-ruby (~> 1.0)
    unicode-display_width (2.3.0)
    webrick (1.8.1)

PLATFORMS
  x64-mingw32

DEPENDENCIES
  jekyll (~> 4.3.0)
  jekyll-feed (~> 0.17)
  jekyll-seo-tag (~> 2.8)
  jekyll-sitemap (~> 1.4)
  webrick (~> 1.8)
  tzinfo (>= 1, < 3)
  wdm (~> 0.1.1)
  http_parser.rb (~> 0.6.0)

BUNDLED WITH
   2.4.14
